GEM
  remote: https://rubygems.org/
  specs:
    data_types (1.1.1)
    minitest (5.8.4)
    rake (11.1.2)
    require_all (1.3.3)

PLATFORMS
  ruby

DEPENDENCIES
  data_types (~> 1.1)
  minitest (~> 5.8)
  rake (~> 11.1)
  require_all (~> 1.3)

BUNDLED WITH
   1.11.2
